GEM
  remote: https://rubygems.org/
  specs:
    activemodel (4.1.0)
      activesupport (= 4.1.0)
      builder (~> 3.1)
    activerecord (4.1.0)
      activemodel (= 4.1.0)
      activesupport (= 4.1.0)
      arel (~> 5.0.0)
    activesupport (4.1.0)
      i18n (~> 0.6, >= 0.6.9)
      json (~> 1.7, >= 1.7.7)
      minitest (~> 5.1)
      thread_safe (~> 0.1)
      tzinfo (~> 1.1)
    addressable (2.3.2)
    arel (5.0.1.20140414130214)
    builder (3.2.2)
    childprocess (0.3.6)
      ffi (~> 1.0, >= 1.0.6)
    cucumber (1.3.14)
      builder (>= 2.1.2)
      diff-lcs (>= 1.1.3)
      gherkin (~> 2.12)
      multi_json (>= 1.7.5, < 2.0)
      multi_test (>= 0.1.1)
    diff-lcs (1.2.5)
    ffi (1.3.0)
    ffi (1.3.0-x86-mingw32)
    gherkin (2.12.2)
      multi_json (~> 1.3)
    gherkin (2.12.2-x86-mingw32)
      multi_json (~> 1.3)
    i18n (0.6.9)
    json (1.8.1)
    libwebsocket (0.1.7.1)
      addressable
      websocket
    minitest (5.3.3)
    multi_json (1.9.2)
    multi_test (0.1.1)
    page-object (0.8.1)
      selenium-webdriver (>= 2.27.2)
      watir-webdriver (>= 0.6.2)
    ruby-ole (1.2.11.7)
    rubyzip (0.9.9)
    selenium-webdriver (2.27.2)
      childprocess (>= 0.2.5)
      libwebsocket (~> 0.1.3)
      multi_json (~> 1.0)
      rubyzip
    spreadsheet (0.9.7)
      ruby-ole (>= 1.0)
    sqlite3 (1.3.9)
    sqlite3 (1.3.9-x86-mingw32)
    thread_safe (0.3.3)
    tzinfo (1.1.0)
      thread_safe (~> 0.1)
    watir-webdriver (0.6.2)
      selenium-webdriver (>= 2.18.0)
    websocket (1.0.6)

PLATFORMS
  x86-mingw32

DEPENDENCIES
  activerecord
  cucumber
  page-object
  spreadsheet
  sqlite3
  watir-webdriver
